GIT
  remote: git://github.com/hubertwwong/mysql2_helper.git
  revision: 83a445b46bf60733448f868d3180f9273132bf53
  specs:
    mysql2_helper (0.0.1)

GIT
  remote: git://github.com/hubertwwong/sequel_helper.git
  revision: e28dd2a07ad8508de85a26fcbe6dc7126a502bc7
  specs:
    sequel_helper (0.0.1)

GIT
  remote: https://github.com/jnicklas/capybara.git
  revision: a4399a57f755bbf5634e4e49319cc52b818c1215
  specs:
    capybara (2.2.0)
      mime-types (>= 1.16)
      nokogiri (>= 1.3.3)
      rack (>= 1.0.0)
      rack-test (>= 0.5.4)
      xpath (~> 2.0)

GEM
  remote: http://rubygems.org/
  specs:
    diff-lcs (1.2.5)
    domain_name (0.5.15)
      unf (>= 0.0.5, < 1.0.0)
    http-cookie (1.0.2)
      domain_name (~> 0.5)
    mechanize (2.7.3)
      domain_name (~> 0.5, >= 0.5.1)
      http-cookie (~> 1.0)
      mime-types (~> 2.0)
      net-http-digest_auth (~> 1.1, >= 1.1.1)
      net-http-persistent (~> 2.5, >= 2.5.2)
      nokogiri (~> 1.4)
      ntlm-http (~> 0.1, >= 0.1.1)
      webrobots (>= 0.0.9, < 0.2)
    mime-types (2.0)
    mini_portile (0.5.2)
    mysql2 (0.3.14)
    net-http-digest_auth (1.4)
    net-http-persistent (2.9)
    nokogiri (1.6.0)
      mini_portile (~> 0.5.0)
    ntlm-http (0.1.1)
    rack (1.5.2)
    rack-test (0.6.2)
      rack (>= 1.0)
    rspec (2.14.1)
      rspec-core (~> 2.14.0)
      rspec-expectations (~> 2.14.0)
      rspec-mocks (~> 2.14.0)
    rspec-core (2.14.7)
    rspec-expectations (2.14.4)
      diff-lcs (>= 1.1.3, < 2.0)
    rspec-mocks (2.14.4)
    sequel (4.5.0)
    unf (0.1.3)
      unf_ext
    unf_ext (0.0.6)
    webrobots (0.1.1)
    xpath (2.0.0)
      nokogiri (~> 1.3)

PLATFORMS
  ruby

DEPENDENCIES
  capybara!
  mechanize
  mysql2
  mysql2_helper!
  rspec
  sequel
  sequel_helper!
